RESTRICTION: == net47
NUGET
  remote: https://www.nuget.org/api/v2
    Argu (3.7)
    Autofac (4.6)
    BenchmarkDotNet (0.10.8)
      BenchmarkDotNet.Core (>= 0.10.8)
      BenchmarkDotNet.Toolchains.Roslyn (>= 0.10.8)
    BenchmarkDotNet.Core (0.10.8)
      Microsoft.DotNet.InternalAbstractions (>= 1.0)
      Microsoft.DotNet.PlatformAbstractions (>= 1.1.1)
      Microsoft.Win32.Registry (>= 4.3)
      System.Threading.Tasks.Extensions (>= 4.3)
      System.ValueTuple (>= 4.3)
    BenchmarkDotNet.Toolchains.Roslyn (0.10.8)
      BenchmarkDotNet.Core (>= 0.10.8)
      Microsoft.CodeAnalysis.CSharp (>= 2.0)
      System.Threading.Tasks (>= 4.3)
    ExcelDataReader (2.1.2.3)
      SharpZipLib (>= 0.86)
    Expecto (5.0)
      Argu (>= 3.7)
      FSharp.Core (>= 4.1.12)
      Mono.Cecil (>= 0.10.0-beta5)
    Expecto.BenchmarkDotNet (5.0)
      BenchmarkDotNet (>= 0.10.5)
      Expecto (>= 5.0)
      FSharp.Core (>= 4.1.12)
    Expecto.FsCheck (5.0)
      Expecto (>= 5.0)
      FsCheck (>= 2.8)
      FSharp.Core (>= 4.1.12)
    Expecto.VisualStudio.TestAdapter (5.0.0-alpha008) - version_in_path: true
      Expecto (>= 5.0.0-beta1 < 6.0)
    FAKE (4.61.3)
    FsCheck (2.9)
      FSharp.Core (>= 4.1)
    FSharp.Compiler.Service (2.0.0.6)
    FSharp.Control.AsyncSeq (2.0.12)
    FSharp.Core (4.2.1)
    FSharp.Data (2.3.3)
    FSharp.Formatting (2.14.4)
      FSharp.Compiler.Service (2.0.0.6)
      FSharpVSPowerTools.Core (>= 2.3 < 2.4)
    FSharpVSPowerTools.Core (2.3)
      FSharp.Compiler.Service (>= 2.0.0.3)
    FSharpx.Async (1.13.2)
      FSharp.Control.AsyncSeq
      FSharp.Core
    FSharpx.Collections (1.16)
      FSharp.Core
    FSharpx.Extras (2.2.1)
      FSharpx.Async
      FSharpx.Collections
    FsRegEx (0.7)
      FSharp.Core
    Microsoft.CodeAnalysis.Analyzers (1.1)
    Microsoft.CodeAnalysis.Common (2.2)
      Microsoft.CodeAnalysis.Analyzers (>= 1.1)
      System.AppContext (>= 4.3)
      System.Collections (>= 4.3)
      System.Collections.Concurrent (>= 4.3)
      System.Collections.Immutable (>= 1.3.1)
      System.Console (>= 4.3)
      System.Diagnostics.Debug (>= 4.3)
      System.Diagnostics.FileVersionInfo (>= 4.3)
      System.Diagnostics.StackTrace (>= 4.3)
      System.Diagnostics.Tools (>= 4.3)
      System.Dynamic.Runtime (>= 4.3)
      System.Globalization (>= 4.3)
      System.IO.Compression (>= 4.3)
      System.IO.FileSystem (>= 4.3)
      System.IO.FileSystem.Primitives (>= 4.3)
      System.Linq (>= 4.3)
      System.Linq.Expressions (>= 4.3)
      System.Reflection (>= 4.3)
      System.Reflection.Metadata (>= 1.4.2)
      System.Resources.ResourceManager (>= 4.3)
      System.Runtime (>= 4.3)
      System.Runtime.Extensions (>= 4.3)
      System.Runtime.InteropServices (>= 4.3)
      System.Runtime.Numerics (>= 4.3)
      System.Security.Cryptography.Algorithms (>= 4.3)
      System.Security.Cryptography.Encoding (>= 4.3)
      System.Security.Cryptography.X509Certificates (>= 4.3)
      System.Text.Encoding (>= 4.3)
      System.Text.Encoding.CodePages (>= 4.3)
      System.Text.Encoding.Extensions (>= 4.3)
      System.Threading (>= 4.3)
      System.Threading.Tasks (>= 4.3)
      System.Threading.Tasks.Parallel (>= 4.3)
      System.Threading.Thread (>= 4.3)
      System.ValueTuple (>= 4.3)
      System.Xml.ReaderWriter (>= 4.3)
      System.Xml.XDocument (>= 4.3)
      System.Xml.XmlDocument (>= 4.3)
      System.Xml.XPath.XDocument (>= 4.3)
    Microsoft.CodeAnalysis.CSharp (2.2)
      Microsoft.CodeAnalysis.Common (2.2)
    Microsoft.DotNet.InternalAbstractions (1.0)
    Microsoft.DotNet.PlatformAbstractions (1.1.2)
    Microsoft.Win32.Registry (4.3)
    Mono.Cecil (0.10.0-beta6)
    Newtonsoft.Json (10.0.3)
    Nito.AsyncEx.Context (1.1)
      Nito.AsyncEx.Tasks (>= 1.1)
    Nito.AsyncEx.Tasks (1.1)
      Nito.Disposables (>= 1.0)
    Nito.Disposables (1.1)
      System.Collections.Immutable (>= 1.2)
      System.Threading (>= 4.0.11)
    Octokit (0.24)
    SharpZipLib (0.86)
    SourceLink.Fake (1.1)
    System.AppContext (4.3)
    System.Collections (4.3)
    System.Collections.Concurrent (4.3)
    System.Collections.Immutable (1.3.1)
    System.Console (4.3)
    System.Diagnostics.Debug (4.3)
    System.Diagnostics.FileVersionInfo (4.3)
    System.Diagnostics.StackTrace (4.3)
    System.Diagnostics.Tools (4.3)
    System.Dynamic.Runtime (4.3)
    System.Globalization (4.3)
    System.IO (4.3)
    System.IO.Compression (4.3)
    System.IO.FileSystem (4.3)
      System.IO.FileSystem.Primitives (>= 4.3)
    System.IO.FileSystem.Primitives (4.3)
    System.Linq (4.3)
    System.Linq.Expressions (4.3)
    System.Net.Http (4.3.2)
      System.Security.Cryptography.X509Certificates (>= 4.3)
    System.Reflection (4.3)
    System.Reflection.Metadata (1.4.2)
      System.Collections.Immutable (>= 1.3.1)
    System.Reflection.TypeExtensions (4.3)
      System.Reflection (>= 4.3)
    System.Resources.ResourceManager (4.3)
    System.Runtime (4.3)
    System.Runtime.Extensions (4.3)
    System.Runtime.InteropServices (4.3)
      System.Runtime (>= 4.3)
    System.Runtime.Numerics (4.3)
    System.Runtime.Serialization.Primitives (4.3)
    System.Security.Cryptography.Algorithms (4.3)
      System.IO (>= 4.3)
      System.Runtime (>= 4.3)
      System.Security.Cryptography.Encoding (>= 4.3)
      System.Security.Cryptography.Primitives (>= 4.3)
    System.Security.Cryptography.Encoding (4.3)
    System.Security.Cryptography.Primitives (4.3)
    System.Security.Cryptography.X509Certificates (4.3)
      System.Security.Cryptography.Algorithms (>= 4.3)
      System.Security.Cryptography.Encoding (>= 4.3)
    System.Text.Encoding (4.3)
    System.Text.Encoding.CodePages (4.3)
    System.Text.Encoding.Extensions (4.3)
    System.Threading (4.3)
    System.Threading.Tasks (4.3)
    System.Threading.Tasks.Extensions (4.3)
    System.Threading.Tasks.Parallel (4.3)
    System.Threading.Thread (4.3)
    System.ValueTuple (4.3.1)
    System.Xml.ReaderWriter (4.3)
    System.Xml.XDocument (4.3)
    System.Xml.XmlDocument (4.3)
    System.Xml.XPath (4.3)
    System.Xml.XPath.XDocument (4.3)
      System.Xml.XPath (>= 4.3)
    TweetinviAPI (2.0)
      Autofac (>= 4.6)
      Newtonsoft.Json (>= 10.0.2)
      Nito.AsyncEx.Context (>= 1.1)
      System.Net.Http (>= 4.3.2)
      System.Reflection.TypeExtensions (>= 4.3)
      System.Runtime.Serialization.Primitives (>= 4.3)
GITHUB
  remote: fsharp/FAKE
    modules/Octokit/Octokit.fsx (15e1b741f4ae9fbaad640a65231dfcec28ce6ddd)
      Octokit (>= 0.20)